PATH
  remote: .
  specs:
    gigbot (0.1.0)

GEM
  remote: https://rubygems.org/
  specs:
    colorize (1.1.0)
    crass (1.0.6)
    diff-lcs (1.5.0)
    feedjira (3.2.2)
      loofah (>= 2.3.1)
      sax-machine (>= 1.0)
    loofah (2.22.0)
      crass (~> 1.0.2)
      nokogiri (>= 1.12.0)
    nokogiri (1.15.5-arm64-darwin)
      racc (~> 1.4)
    racc (1.7.3)
    rake (13.1.0)
    rexml (3.2.6)
    rspec (3.12.0)
      rspec-core (~> 3.12.0)
      rspec-expectations (~> 3.12.0)
      rspec-mocks (~> 3.12.0)
    rspec-core (3.12.2)
      rspec-support (~> 3.12.0)
    rspec-expectations (3.12.3)
      diff-lcs (>= 1.2.0, < 2.0)
      rspec-support (~> 3.12.0)
    rspec-mocks (3.12.6)
      diff-lcs (>= 1.2.0, < 2.0)
      rspec-support (~> 3.12.0)
    rspec-support (3.12.1)
    rss (0.3.0)
      rexml
    sax-machine (1.3.2)
    thor (1.3.0)

PLATFORMS
  arm64-darwin-21

DEPENDENCIES
  colorize
  feedjira
  gigbot!
  rake (~> 13.0)
  rspec (~> 3.0)
  rss
  thor

BUNDLED WITH
   2.4.20
